GEM
  remote: https://rubygems.org/
  specs:
    sqlite3 (1.3.13-x64-mingw32)

PLATFORMS
  x64-mingw32

DEPENDENCIES
  sqlite3

BUNDLED WITH
   1.16.0
